GEM
  remote: https://rubygems.org/
  specs:
    net-sftp (2.1.2)
      net-ssh (>= 2.6.5)
    net-ssh (4.1.0)

PLATFORMS
  ruby

DEPENDENCIES
  net-sftp (= 2.1.2)
  net-ssh (= 4.1.0)

BUNDLED WITH
   1.17.2
